GIT
  remote: https://github.com/CocoaPods/CocoaPods.git
  revision: 242da6b56683dd173b1ab9f3c998308374c9415c
  specs:
    cocoapods (1.0.0.beta.8)
      activesupport (>= 4.0.2)
      claide (>= 1.0.0.beta.3, < 2.0)
      cocoapods-core (= 1.0.0.beta.8)
      cocoapods-deintegrate (>= 1.0.0.beta.1, < 2.0)
      cocoapods-downloader (= 1.0.0.beta.3)
      cocoapods-plugins (>= 1.0.0.beta.1, < 2.0)
      cocoapods-search (= 1.0.0.beta.2)
      cocoapods-stats (= 1.0.0.beta.4)
      cocoapods-trunk (= 1.0.0.beta.4)
      cocoapods-try (= 1.0.0.beta.4)
      colored (~> 1.2)
      escape (~> 0.0.4)
      fourflusher (~> 0.3.0)
      molinillo (~> 0.4.4)
      nap (~> 1.0)
      xcodeproj (= 1.0.0.beta.4)

GIT
  remote: https://github.com/flori/json.git
  revision: 5e856bf7ec90fdb1775a3d2afcd6cb54d743173b
  specs:
    json (2.0.0)

GEM
  remote: https://rubygems.org/
  specs:
    activesupport (4.0.13)
      i18n (~> 0.6, >= 0.6.9)
      minitest (~> 4.2)
      multi_json (~> 1.3)
      thread_safe (~> 0.1)
      tzinfo (~> 0.3.37)
    claide (1.0.0.beta.3)
    cocoapods-core (1.0.0.beta.8)
      activesupport (>= 4.0.2)
      fuzzy_match (~> 2.0.4)
      nap (~> 1.0)
    cocoapods-deintegrate (1.0.0.beta.1)
    cocoapods-downloader (1.0.0.beta.3)
    cocoapods-plugins (1.0.0.beta.1)
      nap
    cocoapods-search (1.0.0.beta.2)
    cocoapods-stats (1.0.0.beta.4)
    cocoapods-trunk (1.0.0.beta.4)
      nap (>= 0.8, < 2.0)
      netrc (= 0.7.8)
    cocoapods-try (1.0.0.beta.4)
    colored (1.2)
    escape (0.0.4)
    fourflusher (0.3.0)
    fuzzy_match (2.0.4)
    i18n (0.7.0)
    minitest (4.7.5)
    molinillo (0.4.4)
    multi_json (1.11.2)
    nap (1.1.0)
    netrc (0.7.8)
    thread_safe (0.3.5)
    tzinfo (0.3.49)
    xcodeproj (1.0.0.beta.4)
      activesupport (>= 3)
      claide (>= 1.0.0.beta.1, < 2.0)
      colored (~> 1.2)

PLATFORMS
  ruby

DEPENDENCIES
  cocoapods!
  json!

BUNDLED WITH
   1.11.2
